GEM
  specs:
    nest (1.1.0)
      redis (~> 2.1)
    redis (2.1.1)

PLATFORMS
  ruby

DEPENDENCIES
  nest
  redis
